GEM
  remote: https://rubygems.org/
  specs:
    rack (1.6.1)

PLATFORMS
  x64-mingw32
  x86-mingw32

DEPENDENCIES
  rack (~> 1.3)

BUNDLED WITH
   1.10.3
